NUGET
  remote: https://www.nuget.org/api/v2
    Bender (3.0.51)
      flexo (>= 1.0.24)
    CommandLineParser (2.0.275-beta)
    DDay.iCal (1.0.2.575)
    EasyNetQ (0.59.0.439)
      RabbitMQ.Client (>= 3.6)
    EasyNetQ.Rx (0.9.38)
      EasyNetQ (>= 0.37.1.316)
      Rx-Main (>= 2.2.2)
    flexo (1.0.24)
    FSharp.Core (4.0.0.1) - redirects: force
    Microsoft.Exchange.WebServices (2.2)
    Newtonsoft.Json (8.0.3)
    NUnit (2.6.4)
    RabbitMQ.Client (3.6.3)
    Rx-Core (2.2.5)
      Rx-Interfaces (>= 2.2.5)
    Rx-Interfaces (2.2.5)
    Rx-Linq (2.2.5)
      Rx-Core (>= 2.2.5)
      Rx-Interfaces (>= 2.2.5)
    Rx-Main (2.2.5)
      Rx-Core (>= 2.2.5)
      Rx-Interfaces (>= 2.2.5)
      Rx-Linq (>= 2.2.5)
      Rx-PlatformServices (>= 2.2.5)
    Rx-PlatformServices (2.3)
      Rx-Core (>= 2.2)
      Rx-Interfaces (>= 2.2)
    SimpleConfig (1.0.43)
      Bender (>= 3.0.43)
    TinyCsvParser (1.2)

GROUP Build
NUGET
  remote: https://www.nuget.org/api/v2
    FAKE (4.32)
    FSharp.Compiler.Service (2.0.0.6)
    FSharp.Formatting (2.14.4)
      FSharp.Compiler.Service (2.0.0.6)
      FSharpVSPowerTools.Core (>= 2.3 < 2.4)
    FSharpVSPowerTools.Core (2.3)
      FSharp.Compiler.Service (>= 2.0.0.3)
    Microsoft.Bcl (1.1.10) - framework: net10, net11, net20, net30, net35, net40, net40-full
      Microsoft.Bcl.Build (>= 1.0.14)
    Microsoft.Bcl.Build (1.0.21) - import_targets: false, framework: net10, net11, net20, net30, net35, net40, net40-full
    Microsoft.Net.Http (2.2.29) - framework: net10, net11, net20, net30, net35, net40, net40-full
      Microsoft.Bcl (>= 1.1.10)
      Microsoft.Bcl.Build (>= 1.0.14)
    Octokit (0.20)
      Microsoft.Net.Http  - framework: net10, net11, net20, net30, net35, net40, net40-full
    SourceLink.Fake (1.1)
GITHUB
  remote: fsharp/FAKE
    modules/Octokit/Octokit.fsx (57b7731e3386ae98806970506ff731872f3c9260)
      Octokit
GROUP Test
NUGET
  remote: https://www.nuget.org/api/v2
    NUnit (2.6.4)
    NUnit.Runners (2.6.4)
